GEM
  remote: https://rubygems.org/
  specs:
    dotenv (3.1.8)
    io-console (0.8.0)

PLATFORMS
  arm64-darwin-24
  ruby

DEPENDENCIES
  dotenv (~> 3.1)
  io-console (~> 0.7)

RUBY VERSION
   ruby 3.4.3p32

BUNDLED WITH
   2.6.8
